GIT
  remote: https://github.com/shoes/shoes4.git
  revision: 13be83d7bfde1e26cb87a77264c81711f680664a
  specs:
    shoes (4.0.0.pre1)
      after_do (~> 0.2.2)
      furoshiki (>= 0.1.2)
      log4jruby
      nokogiri
      swt (~> 0.18)

GEM
  remote: https://rubygems.org/
  specs:
    activesupport (4.0.2)
      i18n (~> 0.6, >= 0.6.4)
      minitest (~> 4.2)
      multi_json (~> 1.3)
      thread_safe (~> 0.1)
      tzinfo (~> 0.3.37)
    after_do (0.2.2)
    atomic (1.1.14-java)
    coderay (1.1.0)
    columnize (0.3.6)
    coveralls (0.7.0)
      multi_json (~> 1.3)
      rest-client
      simplecov (>= 0.7)
      term-ansicolor
      thor
    diff-lcs (1.2.5)
    docile (1.1.1)
    factory_girl (4.2.0)
      activesupport (>= 3.0.0)
    ffi (1.9.3-java)
    furoshiki (0.1.2)
      plist
      rubyzip (< 1.0.0)
      warbler
    i18n (0.6.9)
    jruby-jars (1.7.9)
    jruby-rack (1.1.13.3)
    jsound (0.1.3-java)
    log4jruby (0.5.0-java)
    method_source (0.8.2)
    mime-types (2.0)
    mini_portile (0.5.2)
    minitest (4.7.5)
    multi_json (1.8.2)
    nokogiri (1.6.0-java)
      mini_portile (~> 0.5.0)
    plist (3.1.0)
    pry (0.9.12.4-java)
      coderay (~> 1.0)
      method_source (~> 0.8)
      slop (~> 3.4)
      spoon (~> 0.0)
    rake (10.1.0)
    require_all (1.3.2)
    rest-client (1.6.7)
      mime-types (>= 1.16)
    rspec (2.14.1)
      rspec-core (~> 2.14.0)
      rspec-expectations (~> 2.14.0)
      rspec-mocks (~> 2.14.0)
    rspec-core (2.14.7)
    rspec-expectations (2.14.4)
      diff-lcs (>= 1.1.3, < 2.0)
    rspec-mocks (2.14.4)
    ruby-debug (0.10.4)
      columnize (>= 0.1)
      ruby-debug-base (~> 0.10.4.0)
    ruby-debug-base (0.10.4-java)
    rubyzip (0.9.9)
    simplecov (0.8.2)
      docile (~> 1.1.0)
      multi_json
      simplecov-html (~> 0.8.0)
    simplecov-html (0.8.0)
    slop (3.4.7)
    spoon (0.0.4)
      ffi
    swt (0.18)
    term-ansicolor (1.2.2)
      tins (~> 0.8)
    thor (0.18.1)
    thread_safe (0.1.3-java)
      atomic
    tins (0.13.1)
    tzinfo (0.3.38)
    warbler (1.4.0)
      jruby-jars (>= 1.5.6)
      jruby-rack (>= 1.0.0)
      rake (>= 0.9.6)
      rubyzip (>= 0.9, < 1.1)

PLATFORMS
  java
  ruby

DEPENDENCIES
  activesupport (~> 4.0.0)
  coveralls
  factory_girl (~> 4.2.0)
  jsound (~> 0.1.3)
  pry (~> 0.9.12.2)
  rake (~> 10.1.0)
  require_all (~> 1.3.1)
  rspec (~> 2.14.1)
  ruby-debug (~> 0.10.4)
  shoes!
